PATH
  remote: .
  specs:
    fhir_scorecard (3.0.1)
      fhir_models (>= 3.0.0)

GEM
  remote: https://rubygems.org/
  specs:
    ansi (1.5.0)
    awesome_print (1.7.0)
    bcp47 (0.3.3)
      i18n
    builder (3.2.3)
    coderay (1.1.1)
    date_time_precision (0.8.1)
    docile (1.1.5)
    fhir_models (3.0.1)
      bcp47 (>= 0.3)
      date_time_precision (>= 0.8)
      mime-types (>= 1.16, < 3)
      nokogiri (>= 1.6)
    i18n (0.8.1)
    json (2.0.3)
    method_source (0.8.2)
    mime-types (2.99.3)
    mini_portile2 (2.1.0)
    minitest (5.10.1)
    minitest-reporters (1.1.14)
      ansi
      builder
      minitest (>= 5.0)
      ruby-progressbar
    nokogiri (1.7.1)
      mini_portile2 (~> 2.1.0)
    pry (0.10.4)
      coderay (~> 1.1.0)
      method_source (~> 0.8.1)
      slop (~> 3.4)
    rake (12.0.0)
    ruby-progressbar (1.8.1)
    simplecov (0.14.1)
      docile (~> 1.1.0)
      json (>= 1.8, < 3)
      simplecov-html (~> 0.10.0)
    simplecov-html (0.10.0)
    slop (3.6.0)

PLATFORMS
  ruby

DEPENDENCIES
  awesome_print
  fhir_scorecard!
  minitest (~> 5.3)
  minitest-reporters
  pry
  rake
  simplecov

BUNDLED WITH
   1.14.6
